GIT
  remote: git://github.com/Nerian/bootstrap-wysihtml5-rails.git
  revision: 2eddb58a17b543b7a923741b7f5f4fac7b7144a0
  specs:
    bootstrap-wysihtml5-rails (0.3.1.20)
      railties (>= 3.0)

GIT
  remote: git://github.com/collectiveidea/awesome_nested_set.git
  revision: acd09d3b101213b205bea56458f1686611712aec
  specs:
    awesome_nested_set (2.1.6)
      activerecord (>= 3.0.0)

GIT
  remote: git://github.com/indirect/haml-rails.git
  revision: 6b7a5dead27957aff853b6c82b81fc13543c1aeb
  specs:
    haml-rails (0.4)
      actionpack (>= 3.1, < 4.1)
      activesupport (>= 3.1, < 4.1)
      haml (>= 3.1, < 4.1)
      railties (>= 3.1, < 4.1)

GIT
  remote: git://github.com/rails/coffee-rails.git
  revision: cbc4a6f571e87f68d272b9a377db3fb3307464ab
  specs:
    coffee-rails (4.0.0)
      coffee-script (>= 2.2.0)
      railties (>= 4.0.0.beta, < 5.0)

GIT
  remote: git://github.com/rails/sass-rails.git
  revision: 33799418f104c961b1ce41452e77cf1e04930755
  specs:
    sass-rails (4.0.0.rc1)
      railties (>= 4.0.0.beta, < 5.0)
      sass (>= 3.1.10)
      sprockets-rails (~> 2.0.0.rc4)

GIT
  remote: git://github.com/rspec/rspec-core.git
  revision: 28eeb9f3244b984febf5a03da83059299813c2ff
  specs:
    rspec-core (2.14.0.rc1)

GIT
  remote: git://github.com/rspec/rspec-expectations.git
  revision: cde17984f4490b098917daaa5998b6a556aac975
  specs:
    rspec-expectations (2.14.0.rc1)
      diff-lcs (>= 1.1.3, < 2.0)

GIT
  remote: git://github.com/rspec/rspec-mocks.git
  revision: 07f33e15db3ca8a55b5cd4045ccc280034dd6d74
  specs:
    rspec-mocks (2.14.0.rc1)

GIT
  remote: git://github.com/rspec/rspec-rails.git
  revision: 0cea51be3fa073d6ab10b38b5c9a7c976750aa2c
  specs:
    rspec-rails (2.14.0.rc1)
      actionpack (>= 3.0)
      activesupport (>= 3.0)
      railties (>= 3.0)
      rspec-core (= 2.14.0.rc1)
      rspec-expectations (= 2.14.0.rc1)
      rspec-mocks (= 2.14.0.rc1)

GIT
  remote: git://github.com/rspec/rspec.git
  revision: 4d279d85e4487019d6c0195bcfb6ba1dbe23a23f
  specs:
    rspec (2.14.0.rc1)
      rspec-core (= 2.14.0.rc1)
      rspec-expectations (= 2.14.0.rc1)
      rspec-mocks (= 2.14.0.rc1)

GIT
  remote: git://github.com/rweng/jquery-datatables-rails.git
  revision: 494f752b8eb8350f33841c822a67d014c869219f
  specs:
    jquery-datatables-rails (1.11.2)
      jquery-rails

GIT
  remote: git://github.com/seyhunak/twitter-bootstrap-rails.git
  revision: 4aa0f0e661bc4664f59fd3e4287f7acf4d1330e8
  specs:
    twitter-bootstrap-rails (2.2.6)
      actionpack (>= 3.1)
      execjs
      rails (>= 3.1)
      railties (>= 3.1)

GIT
  remote: git://github.com/thoughtbot/paperclip.git
  revision: f55173018e246f2f8c196474cb85c7288491644c
  specs:
    paperclip (3.4.2)
      activemodel (>= 3.0.0)
      activerecord (>= 3.0.0)
      activesupport (>= 3.0.0)
      cocaine (~> 0.5.0)
      mime-types

GIT
  remote: git@github.com:NoamB/sorcery.git
  revision: bacf0c16b82f85604ee019a45ef7728408f190d1
  specs:
    sorcery (0.8.1)
      bcrypt-ruby (~> 3.0.0)
      oauth (~> 0.4.4)
      oauth2 (~> 0.8.0)

GIT
  remote: git@github.com:pluginaweek/state_machine.git
  revision: 8a3ba81801782ac4ef9d4ace1209d8d50ffccdb0
  specs:
    state_machine (1.2.0)

PATH
  remote: /var/www/pman/data/www/the_role
  specs:
    the_role (1.7.0)
      haml

GEM
  remote: http://rubygems.org/
  specs:
    actionmailer (4.0.0.rc1)
      actionpack (= 4.0.0.rc1)
      mail (~> 2.5.3)
    actionpack (4.0.0.rc1)
      activesupport (= 4.0.0.rc1)
      builder (~> 3.1.0)
      erubis (~> 2.7.0)
      rack (~> 1.5.2)
      rack-test (~> 0.6.2)
    activemodel (4.0.0.rc1)
      activesupport (= 4.0.0.rc1)
      builder (~> 3.1.0)
    activerecord (4.0.0.rc1)
      activemodel (= 4.0.0.rc1)
      activerecord-deprecated_finders (~> 1.0.2)
      activesupport (= 4.0.0.rc1)
      arel (~> 4.0.0)
    activerecord-deprecated_finders (1.0.2)
    activesupport (4.0.0.rc1)
      i18n (~> 0.6, >= 0.6.4)
      minitest (~> 4.2)
      multi_json (~> 1.3)
      thread_safe (~> 0.1)
      tzinfo (~> 0.3.37)
    ajax-datatables-rails (0.0.1)
    arel (4.0.0)
    atomic (1.1.9)
    bcrypt-ruby (3.0.1)
    builder (3.1.4)
    chunky_png (1.2.8)
    climate_control (0.0.3)
      activesupport (>= 3.0)
    cocaine (0.5.1)
      climate_control (>= 0.0.3, < 1.0)
    coffee-script (2.2.0)
      coffee-script-source
      execjs
    coffee-script-source (1.6.2)
    commonjs (0.2.6)
    compass (0.12.2)
      chunky_png (~> 1.2)
      fssm (>= 0.2.7)
      sass (~> 3.1)
    daemons (1.1.9)
    diff-lcs (1.2.4)
    erubis (2.7.0)
    eventmachine (1.0.3)
    execjs (1.4.0)
      multi_json (~> 1.0)
    factory_girl (4.2.0)
      activesupport (>= 3.0.0)
    faker (1.1.2)
      i18n (~> 0.5)
    faraday (0.8.7)
      multipart-post (~> 1.1)
    fssm (0.2.10)
    haml (4.0.3)
      tilt
    hike (1.2.2)
    httpauth (0.2.0)
    i18n (0.6.4)
    jquery-rails (3.0.0)
      railties (>= 3.0, < 5.0)
      thor (>= 0.14, < 2.0)
    jquery-ui-rails (4.0.3)
      jquery-rails
      railties (>= 3.1.0)
    json (1.7.7)
    jwt (0.1.8)
      multi_json (>= 1.5)
    kaminari (0.14.1)
      actionpack (>= 3.0.0)
      activesupport (>= 3.0.0)
    kgio (2.8.0)
    less (2.3.2)
      commonjs (~> 0.2.6)
    less-rails (2.3.3)
      actionpack (>= 3.1)
      less (~> 2.3.1)
    libv8 (3.11.8.17)
    mail (2.5.4)
      mime-types (~> 1.16)
      treetop (~> 1.4.8)
    mime-types (1.23)
    minitest (4.7.4)
    multi_json (1.7.4)
    multipart-post (1.2.0)
    mysql2 (0.3.11)
    oauth (0.4.7)
    oauth2 (0.8.1)
      faraday (~> 0.8)
      httpauth (~> 0.1)
      jwt (~> 0.1.4)
      multi_json (~> 1.0)
      rack (~> 1.2)
    polyglot (0.3.3)
    protected_attributes (1.0.1)
      activemodel (>= 4.0.0.beta, < 5.0)
    rack (1.5.2)
    rack-test (0.6.2)
      rack (>= 1.0)
    rails (4.0.0.rc1)
      actionmailer (= 4.0.0.rc1)
      actionpack (= 4.0.0.rc1)
      activerecord (= 4.0.0.rc1)
      activesupport (= 4.0.0.rc1)
      bundler (>= 1.3.0, < 2.0)
      railties (= 4.0.0.rc1)
      sprockets-rails (~> 2.0.0.rc4)
    railties (4.0.0.rc1)
      actionpack (= 4.0.0.rc1)
      activesupport (= 4.0.0.rc1)
      rake (>= 0.8.7)
      thor (>= 0.18.1, < 2.0)
    raindrops (0.11.0)
    rake (10.0.4)
    ref (1.0.5)
    sass (3.2.9)
    sprockets (2.10.0)
      hike (~> 1.2)
      multi_json (~> 1.0)
      rack (~> 1.0)
      tilt (~> 1.1, != 1.3.0)
    sprockets-rails (2.0.0.rc4)
      actionpack (>= 3.0)
      activesupport (>= 3.0)
      sprockets (~> 2.8)
    the_sortable_tree (2.3.2)
      rails (>= 3.1)
    therubyracer (0.11.4)
      libv8 (~> 3.11.8.12)
      ref
    thin (1.5.1)
      daemons (>= 1.0.9)
      eventmachine (>= 0.12.6)
      rack (>= 1.0.0)
    thor (0.18.1)
    thread_safe (0.1.0)
      atomic
    tilt (1.4.1)
    treetop (1.4.12)
      polyglot
      polyglot (>= 0.3.1)
    tzinfo (0.3.37)
    uglifier (2.1.1)
      execjs (>= 0.3.0)
      multi_json (~> 1.0, >= 1.0.2)
    unicorn (4.6.2)
      kgio (~> 2.6)
      rack
      raindrops (~> 0.7)

PLATFORMS
  ruby

DEPENDENCIES
  ajax-datatables-rails
  awesome_nested_set!
  bootstrap-wysihtml5-rails!
  coffee-rails!
  compass
  factory_girl
  faker
  haml (~> 4.0)
  haml-rails!
  jquery-datatables-rails!
  jquery-rails
  jquery-ui-rails
  json (~> 1.7.7)
  kaminari
  less-rails
  mysql2
  paperclip!
  protected_attributes
  rails (= 4.0.0.rc1)
  rspec!
  rspec-core!
  rspec-expectations!
  rspec-mocks!
  rspec-rails!
  sass-rails!
  sorcery!
  state_machine!
  the_role!
  the_sortable_tree (~> 2.3.0)
  therubyracer
  thin
  twitter-bootstrap-rails!
  uglifier (>= 1.0.3)
  unicorn
